PATH
  remote: .
  specs:
    openid_connect (0.0.29)
      activemodel (>= 3)
      attr_required (>= 0.0.3)
      json (>= 1.4.3)
      json-jwt (>= 0.0.3)
      rack-oauth2 (>= 0.10.0)
      swd (>= 0.0.6)
      tzinfo
      validate_email
      validate_url

GEM
  remote: http://rubygems.org/
  specs:
    activemodel (3.1.1)
      activesupport (= 3.1.1)
      builder (~> 3.0.0)
      i18n (~> 0.6)
    activesupport (3.1.1)
      multi_json (~> 1.0)
    addressable (2.2.6)
    attr_required (0.0.3)
    bouncy-castle-java (1.5.0146.1)
    builder (3.0.0)
    crack (0.3.1)
    diff-lcs (1.1.3)
    httpclient (2.2.1)
    i18n (0.6.0)
    jruby-openssl (0.7.4)
      bouncy-castle-java
    json (1.6.1)
    json (1.6.1-java)
    json-jwt (0.0.3)
      json (>= 1.4.3)
      url_safe_base64
    mail (2.3.0)
      i18n (>= 0.4.0)
      mime-types (~> 1.16)
      treetop (~> 1.4.8)
    mime-types (1.16)
    multi_json (1.0.3)
    polyglot (0.3.2)
    rack (1.3.4)
    rack-oauth2 (0.11.0)
      activesupport (>= 2.3)
      attr_required (>= 0.0.3)
      httpclient (>= 2.2.0.2)
      i18n
      json (>= 1.4.3)
      rack (>= 1.1)
    rake (0.9.2)
    rcov (0.9.11)
    rcov (0.9.11-java)
    rspec (2.6.0)
      rspec-core (~> 2.6.0)
      rspec-expectations (~> 2.6.0)
      rspec-mocks (~> 2.6.0)
    rspec-core (2.6.4)
    rspec-expectations (2.6.0)
      diff-lcs (~> 1.1.2)
    rspec-mocks (2.6.0)
    swd (0.0.7)
      activesupport (>= 3)
      attr_required (>= 0.0.3)
      httpclient (>= 2.2.1)
      i18n
      json (>= 1.4.3)
    treetop (1.4.10)
      polyglot
      polyglot (>= 0.3.1)
    tzinfo (0.3.30)
    url_safe_base64 (0.2.1)
    validate_email (0.1.5)
      activemodel (>= 3.0)
      mail (>= 2.2.5)
    validate_url (0.2.0)
      activemodel (>= 3.0.0)
    webmock (1.7.6)
      addressable (> 2.2.5, ~> 2.2)
      crack (>= 0.1.7)

PLATFORMS
  java
  ruby

DEPENDENCIES
  jruby-openssl (>= 0.7)
  openid_connect!
  rake (>= 0.8)
  rcov (>= 0.9)
  rspec (>= 2)
  webmock (>= 1.6.2)
