PATH
  remote: .
  specs:
    openid_connect (0.0.0)
      attr_required (>= 0.0.3)
      rack-oauth2 (>= 0.9.0)

GEM
  remote: http://rubygems.org/
  specs:
    activesupport (3.0.9)
    attr_required (0.0.3)
    diff-lcs (1.1.2)
    httpclient (2.2.1)
    i18n (0.6.0)
    json (1.5.3)
    rack (1.3.2)
    rack-oauth2 (0.9.0)
      activesupport (>= 2.3)
      attr_required (>= 0.0.3)
      httpclient (>= 2.2.0.2)
      i18n
      json (>= 1.4.3)
      rack (>= 1.1)
    rake (0.9.2)
    rcov (0.9.10)
    rspec (2.6.0)
      rspec-core (~> 2.6.0)
      rspec-expectations (~> 2.6.0)
      rspec-mocks (~> 2.6.0)
    rspec-core (2.6.4)
    rspec-expectations (2.6.0)
      diff-lcs (~> 1.1.2)
    rspec-mocks (2.6.0)

PLATFORMS
  ruby

DEPENDENCIES
  openid_connect!
  rake (>= 0.8)
  rcov (>= 0.9)
  rspec (>= 2)
